GIT
  remote: https://github.com/Satish/restful-authentication.git
  revision: a2f669944c86f2bec46bb248360e556a983140d4
  branch: rails3
  specs:
    restful-authentication (2.0.0.beta1)

GIT
  remote: https://github.com/ambethia/passiverecord.git
  revision: cdf0747243e9bbf067ab6fea8cc6cc8f860112b1
  specs:
    passiverecord (0.2)

GIT
  remote: https://github.com/joshmh/globalize2.git
  revision: 08137d0c6b1bbdb0c7944843023295bcfab45f27
  branch: rails-3
  specs:
    globalize2 (0.2.0)

GIT
  remote: https://github.com/shanti-uva/mediabase_integration.git
  revision: 5b0004dd7e4de60c84e863d534fec156338c72cd
  tag: v0.0.1
  specs:
    mediabase_integration (0.0.1)
      rails (~> 3.2.8)

GIT
  remote: https://github.com/thl/active_resource_extensions.git
  revision: 3ebbfdc93c56dac101a72bc17376169862f01d3e
  tag: v2.0.0
  specs:
    active_resource_extensions (2.0.0)
      rails (~> 3.2.8)

GIT
  remote: https://github.com/thl/authenticated_system.git
  revision: 73ce8a5e3ee6f26af6e972a907e31db8f3cd5501
  tag: v2.0.3
  specs:
    authenticated_system (2.0.3)
      rails (~> 3.2.8)

GIT
  remote: https://github.com/thl/complex_scripts.git
  revision: 625a7adf80ea60966c3f74bc9974a2488d6a8048
  tag: v2.0.1
  specs:
    complex_scripts (2.0.1)
      passiverecord (= 0.2)
      rails (~> 3.2.8)

GIT
  remote: https://github.com/thl/kmaps_engine.git
  revision: 43a7884daefd17c4d397e647782cfa72d8c9d178
  tag: v2.1.1
  specs:
    kmaps_engine (2.1.1)
      rails (~> 3.2.8)

GIT
  remote: https://github.com/thl/mms_integration.git
  revision: 9c06263d9c30157afcb87403ceed83a206ed1ce4
  tag: v2.0.0
  specs:
    mms_integration (2.0.0)
      rails (~> 3.2.8)

GIT
  remote: https://github.com/thl/places_integration.git
  revision: 3bb3d15e17cf534adc1d53ff62f7f4d3666d29f8
  tag: v2.0.0
  specs:
    places_integration (2.0.0)
      rails (~> 3.2.8)

GIT
  remote: https://github.com/thl/thl_integration.git
  revision: eb14891ac67d2e10d8d8b8f5b5a896b9eda2cdf3
  tag: v2.0.1
  specs:
    thl_integration (2.0.1)
      rails (~> 3.2.8)

GIT
  remote: https://github.com/thl/universal_navigation.git
  revision: 099bf69b67b19443973178daa5e5a3672bd93b3b
  tag: v2.0.0
  specs:
    universal_navigation (2.0.0)
      rails (~> 3.2.8)

GEM
  remote: http://rubygems.org/
  specs:
    actionmailer (3.2.8)
      actionpack (= 3.2.8)
      mail (~> 2.4.4)
    actionpack (3.2.8)
      activemodel (= 3.2.8)
      activesupport (= 3.2.8)
      builder (~> 3.0.0)
      erubis (~> 2.7.0)
      journey (~> 1.0.4)
      rack (~> 1.4.0)
      rack-cache (~> 1.2)
      rack-test (~> 0.6.1)
      sprockets (~> 2.1.3)
    activemodel (3.2.8)
      activesupport (= 3.2.8)
      builder (~> 3.0.0)
    activerecord (3.2.8)
      activemodel (= 3.2.8)
      activesupport (= 3.2.8)
      arel (~> 3.0.2)
      tzinfo (~> 0.3.29)
    activeresource (3.2.8)
      activemodel (= 3.2.8)
      activesupport (= 3.2.8)
    activesupport (3.2.8)
      i18n (~> 0.6)
      multi_json (~> 1.0)
    acts_as_tree (0.2.0)
    annotate (2.5.0)
      rake
    arel (3.0.2)
    builder (3.0.4)
    cgi_multipart_eof_fix (2.5.0)
    coffee-rails (3.2.2)
      coffee-script (>= 2.2.0)
      railties (~> 3.2.0)
    coffee-script (2.2.0)
      coffee-script-source
      execjs
    coffee-script-source (1.4.0)
    columnize (0.3.6)
    daemons (1.1.9)
    dynamic_form (1.1.4)
    erubis (2.7.0)
    execjs (1.4.0)
      multi_json (~> 1.0)
    fastthread (1.0.7)
    gem_plugin (0.2.3)
    hike (1.2.1)
    hpricot (0.8.6)
    i18n (0.6.1)
    journey (1.0.4)
    jquery-rails (2.1.3)
      railties (>= 3.1.0, < 5.0)
      thor (~> 0.14)
    json (1.7.5)
    libv8 (3.3.10.4)
    linecache (0.46)
      rbx-require-relative (> 0.0.4)
    mail (2.4.4)
      i18n (>= 0.4.0)
      mime-types (~> 1.16)
      treetop (~> 1.4.8)
    memcache-client (1.8.5)
    mime-types (1.19)
    mongrel (1.1.5)
      cgi_multipart_eof_fix (>= 2.4)
      daemons (>= 1.0.3)
      fastthread (>= 1.0.1)
      gem_plugin (>= 0.2.3)
    multi_json (1.3.6)
    mysql2 (0.3.11)
    newrelic_rpm (3.5.0.1)
    open_id_authentication (1.1.0)
      rack-openid (~> 1.3)
    polyglot (0.3.3)
    rack (1.4.1)
    rack-cache (1.2)
      rack (>= 0.4)
    rack-openid (1.3.1)
      rack (>= 1.1.0)
      ruby-openid (>= 2.1.8)
    rack-ssl (1.3.2)
      rack
    rack-test (0.6.2)
      rack (>= 1.0)
    rails (3.2.8)
      actionmailer (= 3.2.8)
      actionpack (= 3.2.8)
      activerecord (= 3.2.8)
      activeresource (= 3.2.8)
      activesupport (= 3.2.8)
      bundler (~> 1.0)
      railties (= 3.2.8)
    railties (3.2.8)
      actionpack (= 3.2.8)
      activesupport (= 3.2.8)
      rack-ssl (~> 1.3.2)
      rake (>= 0.8.7)
      rdoc (~> 3.4)
      thor (>= 0.14.6, < 2.0)
    rake (0.9.2.2)
    rbx-require-relative (0.0.9)
    rdoc (3.12)
      json (~> 1.4)
    ruby-debug (0.10.4)
      columnize (>= 0.1)
      ruby-debug-base (~> 0.10.4.0)
    ruby-debug-base (0.10.4)
      linecache (>= 0.3)
    ruby-openid (2.2.2)
    sass (3.2.1)
    sass-rails (3.2.5)
      railties (~> 3.2.0)
      sass (>= 3.1.10)
      tilt (~> 1.3)
    sprockets (2.1.3)
      hike (~> 1.2)
      rack (~> 1.0)
      tilt (~> 1.1, != 1.3.0)
    therubyracer (0.10.2)
      libv8 (~> 3.3.10)
    thor (0.16.0)
    tilt (1.3.3)
    tinymce-rails (3.5.6)
      railties (>= 3.1.1)
    treetop (1.4.12)
      polyglot
      polyglot (>= 0.3.1)
    tzinfo (0.3.34)
    uglifier (1.3.0)
      execjs (>= 0.3.0)
      multi_json (~> 1.0, >= 1.0.2)

PLATFORMS
  ruby

DEPENDENCIES
  active_resource_extensions (= 2.0.0)!
  acts_as_tree (= 0.2.0)
  annotate
  authenticated_system (= 2.0.3)!
  coffee-rails (~> 3.2.1)
  complex_scripts (= 2.0.1)!
  dynamic_form
  globalize2 (= 0.2.0)!
  hpricot (>= 0.8.6)
  jquery-rails
  json
  kmaps_engine (= 2.1.1)!
  mediabase_integration (= 0.0.1)!
  memcache-client
  mms_integration (= 2.0.0)!
  mongrel
  mysql2
  newrelic_rpm
  open_id_authentication
  passiverecord (= 0.2)!
  places_integration (= 2.0.0)!
  rack-openid
  rails (= 3.2.8)
  restful-authentication (= 2.0.0.beta1)!
  ruby-debug
  sass-rails (~> 3.2.3)
  therubyracer
  thl_integration (= 2.0.1)!
  tinymce-rails (= 3.5.6)
  uglifier (>= 1.0.3)
  universal_navigation (= 2.0.0)!
