GIT
  remote: git://github.com/Satish/restful-authentication.git
  revision: a2f669944c86f2bec46bb248360e556a983140d4
  branch: rails3
  specs:
    restful-authentication (2.0.0.beta1)

GIT
  remote: git://github.com/ambethia/passiverecord.git
  revision: cdf0747243e9bbf067ab6fea8cc6cc8f860112b1
  specs:
    passiverecord (0.2)

GIT
  remote: git://github.com/joshmh/globalize2.git
  revision: 08137d0c6b1bbdb0c7944843023295bcfab45f27
  branch: rails-3
  specs:
    globalize2 (0.2.0)

GIT
  remote: git://github.com/shanti-uva/mediabase_integration.git
  revision: 7efaeec4e6154e6fc45a8606cd81d74fd354e5a5
  tag: v0.0.2
  specs:
    mediabase_integration (0.0.2)
      rails (~> 3.2.8)

GIT
  remote: git://github.com/thl/active_resource_extensions.git
  revision: a8d01dca2a40dfb32b85758871b5076303d932a4
  tag: v2.0.5
  specs:
    active_resource_extensions (2.0.5)
      rails (~> 3.2.8)

GIT
  remote: git://github.com/thl/authenticated_system.git
  revision: 328b373de7339f191b27de2bb87bc6bf2d97fee8
  tag: v2.1.0
  specs:
    authenticated_system (2.1.0)
      rails (~> 3.2.8)

GIT
  remote: git://github.com/thl/complex_scripts.git
  revision: a531e71fa205aefa88739d1de8f24ace679fc4f1
  tag: v2.0.7
  specs:
    complex_scripts (2.0.7)
      passiverecord (= 0.2)
      rails (~> 3.2.8)

GIT
  remote: git://github.com/thl/interface_utils.git
  revision: 1880ef35da900202bebf96dee496c1e3391a4c65
  tag: v2.0.2
  specs:
    interface_utils (2.0.2)
      rails (~> 3.2.11)

GIT
  remote: git://github.com/thl/mms_integration.git
  revision: 556f4318617b2bd52080a56872ee6f23185e92df
  tag: v2.0.5
  specs:
    mms_integration (2.0.5)
      rails (~> 3.2.8)

GIT
  remote: git://github.com/thl/places_integration.git
  revision: c9528a5d702741a5f14d3787909b8e9b38fa1cf2
  tag: v2.0.4
  specs:
    places_integration (2.0.4)
      rails (~> 3.2.8)

GIT
  remote: git://github.com/thl/thl_integration.git
  revision: 41a4b6e08970224dbffe470d0896a1d04e8b8790
  tag: v2.0.6
  specs:
    thl_integration (2.0.6)
      rails (~> 3.2.8)

GIT
  remote: git://github.com/thl/topical_map_engine.git
  revision: c4ec68bb346eaa089ed9ab8273637cc2ca002ede
  tag: v3.0.0
  specs:
    topical_map_engine (3.0.0)
      rails (~> 3.2.8)

GIT
  remote: git://github.com/thl/universal_navigation.git
  revision: 46278c0fce258e8b7061180b3d85910d13a2bc61
  tag: v2.0.5
  specs:
    universal_navigation (2.0.5)
      rails (~> 3.2.8)

GEM
  remote: http://rubygems.org/
  specs:
    actionmailer (3.2.13)
      actionpack (= 3.2.13)
      mail (~> 2.5.3)
    actionpack (3.2.13)
      activemodel (= 3.2.13)
      activesupport (= 3.2.13)
      builder (~> 3.0.0)
      erubis (~> 2.7.0)
      journey (~> 1.0.4)
      rack (~> 1.4.5)
      rack-cache (~> 1.2)
      rack-test (~> 0.6.1)
      sprockets (~> 2.2.1)
    activemodel (3.2.13)
      activesupport (= 3.2.13)
      builder (~> 3.0.0)
    activerecord (3.2.13)
      activemodel (= 3.2.13)
      activesupport (= 3.2.13)
      arel (~> 3.0.2)
      tzinfo (~> 0.3.29)
    activeresource (3.2.13)
      activemodel (= 3.2.13)
      activesupport (= 3.2.13)
    activesupport (3.2.13)
      i18n (= 0.6.1)
      multi_json (~> 1.0)
    acts_as_tree (0.2.0)
    annotate (2.5.0)
      rake
    arel (3.0.2)
    builder (3.0.4)
    cgi_multipart_eof_fix (2.5.0)
    coffee-rails (3.2.2)
      coffee-script (>= 2.2.0)
      railties (~> 3.2.0)
    coffee-script (2.2.0)
      coffee-script-source
      execjs
    coffee-script-source (1.4.0)
    columnize (0.3.6)
    daemons (1.1.9)
    dynamic_form (1.1.4)
    erubis (2.7.0)
    execjs (1.4.0)
      multi_json (~> 1.0)
    fastthread (1.0.7)
    gem_plugin (0.2.3)
    hike (1.2.1)
    hpricot (0.8.6)
    i18n (0.6.1)
    journey (1.0.4)
    jquery-rails (2.1.3)
      railties (>= 3.1.0, < 5.0)
      thor (~> 0.14)
    json (1.7.7)
    libv8 (3.3.10.2)
    linecache (0.46)
      rbx-require-relative (> 0.0.4)
    mail (2.5.3)
      i18n (>= 0.4.0)
      mime-types (~> 1.16)
      treetop (~> 1.4.8)
    memcache-client (1.8.5)
    mime-types (1.21)
    mongrel (1.1.5)
      cgi_multipart_eof_fix (>= 2.4)
      daemons (>= 1.0.3)
      fastthread (>= 1.0.1)
      gem_plugin (>= 0.2.3)
    multi_json (1.7.2)
    mysql2 (0.3.11)
    newrelic_rpm (3.5.0.1)
    open_id_authentication (1.1.0)
      rack-openid (~> 1.3)
    polyglot (0.3.3)
    rack (1.4.5)
    rack-cache (1.2)
      rack (>= 0.4)
    rack-openid (1.3.1)
      rack (>= 1.1.0)
      ruby-openid (>= 2.1.8)
    rack-ssl (1.3.3)
      rack
    rack-test (0.6.2)
      rack (>= 1.0)
    rails (3.2.13)
      actionmailer (= 3.2.13)
      actionpack (= 3.2.13)
      activerecord (= 3.2.13)
      activeresource (= 3.2.13)
      activesupport (= 3.2.13)
      bundler (~> 1.0)
      railties (= 3.2.13)
    railties (3.2.13)
      actionpack (= 3.2.13)
      activesupport (= 3.2.13)
      rack-ssl (~> 1.3.2)
      rake (>= 0.8.7)
      rdoc (~> 3.4)
      thor (>= 0.14.6, < 2.0)
    rake (10.0.4)
    rbx-require-relative (0.0.9)
    rdoc (3.12.2)
      json (~> 1.4)
    ruby-debug (0.10.4)
      columnize (>= 0.1)
      ruby-debug-base (~> 0.10.4.0)
    ruby-debug-base (0.10.4)
      linecache (>= 0.3)
    ruby-openid (2.2.2)
    sass (3.2.1)
    sass-rails (3.2.5)
      railties (~> 3.2.0)
      sass (>= 3.1.10)
      tilt (~> 1.3)
    sprockets (2.2.2)
      hike (~> 1.2)
      multi_json (~> 1.0)
      rack (~> 1.0)
      tilt (~> 1.1, != 1.3.0)
    therubyracer (0.10.2)
      libv8 (~> 3.3.10)
    thor (0.18.0)
    tilt (1.3.6)
    tinymce-rails (3.5.6)
      railties (>= 3.1.1)
    treetop (1.4.12)
      polyglot
      polyglot (>= 0.3.1)
    tzinfo (0.3.37)
    uglifier (1.3.0)
      execjs (>= 0.3.0)
      multi_json (~> 1.0, >= 1.0.2)

PLATFORMS
  ruby

DEPENDENCIES
  active_resource_extensions (= 2.0.5)!
  acts_as_tree (= 0.2.0)
  annotate
  authenticated_system (= 2.1.0)!
  coffee-rails (~> 3.2.1)
  complex_scripts (= 2.0.7)!
  dynamic_form
  globalize2 (= 0.2.0)!
  hpricot (>= 0.8.6)
  interface_utils (= 2.0.2)!
  jquery-rails
  json
  libv8 (= 3.3.10.2)
  mediabase_integration (= 0.0.2)!
  memcache-client
  mms_integration (= 2.0.5)!
  mongrel
  mysql2
  newrelic_rpm
  open_id_authentication
  passiverecord (= 0.2)!
  places_integration (= 2.0.4)!
  rack-openid
  rails (= 3.2.13)
  restful-authentication (= 2.0.0.beta1)!
  ruby-debug
  sass-rails (~> 3.2.3)
  therubyracer
  thl_integration (= 2.0.6)!
  tinymce-rails (= 3.5.6)
  topical_map_engine (= 3.0.0)!
  uglifier (>= 1.0.3)
  universal_navigation (= 2.0.5)!
